PATH
  remote: .
  specs:
    secretfile (0.1.0)
      vault

GEM
  remote: https://rubygems.org/
  specs:
    aws-eventstream (1.0.3)
    aws-sigv4 (1.1.0)
      aws-eventstream (~> 1.0, >= 1.0.2)
    diff-lcs (1.3)
    rake (12.3.3)
    rspec (3.8.0)
      rspec-core (~> 3.8.0)
      rspec-expectations (~> 3.8.0)
      rspec-mocks (~> 3.8.0)
    rspec-core (3.8.2)
      rspec-support (~> 3.8.0)
    rspec-expectations (3.8.4)
      diff-lcs (>= 1.2.0, < 2.0)
      rspec-support (~> 3.8.0)
    rspec-mocks (3.8.1)
      diff-lcs (>= 1.2.0, < 2.0)
      rspec-support (~> 3.8.0)
    rspec-support (3.8.2)
    vault (0.12.0)
      aws-sigv4

PLATFORMS
  ruby

DEPENDENCIES
  bundler
  rake
  rspec
  secretfile!

BUNDLED WITH
   2.0.1
